GEM
  remote: http://rubygems.org/
  remote: http://snowhut.apps.int.nsidc.org/shares/export/sw/packages/ruby/nsidc/
  specs:
    builder (3.2.2)
    childprocess (0.5.1)
      ffi (~> 1.0, >= 1.0.11)
    chunky_png (1.3.1)
    ci_reporter (1.7.3)
      builder (>= 2.1.2)
    compass (1.0.0.alpha.19)
      chunky_png (~> 1.2)
      compass-core (~> 1.0.0.alpha.19)
      compass-import-once (~> 1.0.3)
      json
      listen (~> 1.1.0)
      sass (>= 3.3.0, < 3.5)
    compass-core (1.0.0.alpha.19)
      multi_json (~> 1.0)
      sass (>= 3.3.0, < 3.5)
    compass-import-once (1.0.4)
      sass (>= 3.2, < 3.5)
    cucumber (1.3.8)
      builder (>= 2.1.2)
      diff-lcs (>= 1.1.3)
      gherkin (~> 2.12.1)
      multi_json (>= 1.7.5, < 2.0)
      multi_test (>= 0.0.2)
    diff-lcs (1.1.3)
    ffi (1.9.3)
    gherkin (2.12.1)
      multi_json (~> 1.3)
    json (1.7.7)
    listen (1.1.6)
      rb-fsevent (>= 0.9.3)
      rb-inotify (>= 0.9)
      rb-kqueue (>= 0.2)
    mime-types (1.25)
    multi_json (1.8.4)
    multi_test (0.0.2)
    nokogiri (1.5.10)
    nsidc-config_injector_client (0.0.3)
      rest-client
    parallel (0.5.21)
    rainbow (2.0.0)
    rake (10.1.0)
    rb-fsevent (0.9.4)
    rb-inotify (0.9.4)
      ffi (>= 0.5.0)
    rb-kqueue (0.2.2)
      ffi (>= 0.5.0)
    rest-client (1.6.7)
      mime-types (>= 1.16)
    rspec (2.11.0)
      rspec-core (~> 2.11.0)
      rspec-expectations (~> 2.11.0)
      rspec-mocks (~> 2.11.0)
    rspec-core (2.11.1)
    rspec-expectations (2.11.3)
      diff-lcs (~> 1.1.3)
    rspec-mocks (2.11.3)
    rubyzip (1.1.0)
    sass (3.3.7)
    scss-lint (0.24.1)
      rainbow (~> 2.0)
      sass (~> 3.3.0)
    selenium-webdriver (2.40.0)
      childprocess (>= 0.5.0)
      multi_json (~> 1.0)
      rubyzip (~> 1.0)
      websocket (~> 1.0.4)
    watir-webdriver (0.6.8)
      selenium-webdriver (>= 2.18.0)
    websocket (1.0.7)

PLATFORMS
  ruby

DEPENDENCIES
  ci_reporter (~> 1.7.0)
  compass (~> 1.0.0.alpha.19)
  cucumber
  json (~> 1.7.4)
  nokogiri (~> 1.5.6)
  nsidc-config_injector_client
  parallel (~> 0.5.19)
  rake
  rest-client (~> 1.6.7)
  rspec (~> 2.11.0)
  sass
  scss-lint
  selenium-webdriver
  watir-webdriver
